GEM
  remote: https://rubygems.org/
  specs:
    backports (3.15.0)
    gosu (0.14.5-x64-mingw32)
    nmatrix (0.2.4)
      packable (~> 1.3, >= 1.3.5)
    packable (1.3.10)
      backports

PLATFORMS
  x64-mingw32

DEPENDENCIES
  gosu
  nmatrix

BUNDLED WITH
   2.0.2
